GEM
  remote: https://rubygems.org/
  specs:
    activesupport (3.2.13)
      i18n (= 0.6.1)
      multi_json (~> 1.0)
    crack (0.4.0)
      safe_yaml (~> 0.9.0)
    fakeweb (1.3.0)
    httparty (0.11.0)
      multi_json (~> 1.0)
      multi_xml (>= 0.5.2)
    httpclient (2.3.3)
    i18n (0.6.1)
    json (1.8.0)
    metaclass (0.0.1)
    mocha (0.14.0)
      metaclass (~> 0.0.1)
    multi_json (1.7.7)
    multi_xml (0.5.4)
    multipart-post (1.2.0)
    oauth (0.4.7)
    rake (0.9.6)
    ruby-prof (0.13.0)
    safe_yaml (0.9.3)
    shoulda (3.5.0)
      shoulda-context (~> 1.0, >= 1.0.1)
      shoulda-matchers (>= 1.4.1, < 3.0)
    shoulda-context (1.1.2)
    shoulda-matchers (2.2.0)
      activesupport (>= 3.0.0)
    test-unit (2.5.5)

PLATFORMS
  ruby

DEPENDENCIES
  crack (>= 0.1.4)
  fakeweb (>= 1.2.6)
  httparty (>= 0.4.5)
  httpclient (>= 2.1.5.2)
  json (>= 1.1.9)
  mocha (>= 0.9.8)
  multipart-post (>= 1.0.1)
  oauth (>= 0.4.3)
  rake (= 0.9.6)
  ruby-prof (>= 0.9.2)
  shoulda (>= 2.11.3)
  test-unit
